PATH
  remote: .
  specs:
    rollout (2.4.3)
      memoist (~> 0.15)

GEM
  remote: https://rubygems.org/
  specs:
    appraisal (2.2.0)
      bundler
      rake
      thor (>= 0.14.0)
    codeclimate-test-reporter (1.0.8)
      simplecov (<= 0.13)
    diff-lcs (1.3)
    docile (1.1.5)
    fakeredis (0.6.0)
      redis (~> 3.2)
    json (2.1.0)
    memoist (0.16.0)
    rake (12.0.0)
    redis (3.3.3)
    rspec (3.6.0)
      rspec-core (~> 3.6.0)
      rspec-expectations (~> 3.6.0)
      rspec-mocks (~> 3.6.0)
    rspec-core (3.6.0)
      rspec-support (~> 3.6.0)
    rspec-expectations (3.6.0)
      diff-lcs (>= 1.2.0, < 2.0)
      rspec-support (~> 3.6.0)
    rspec-mocks (3.6.0)
      diff-lcs (>= 1.2.0, < 2.0)
      rspec-support (~> 3.6.0)
    rspec-support (3.6.0)
    simplecov (0.13.0)
      docile (~> 1.1.0)
      json (>= 1.8, < 3)
      simplecov-html (~> 0.10.0)
    simplecov-html (0.10.1)
    thor (0.19.4)

PLATFORMS
  ruby

DEPENDENCIES
  appraisal
  bundler (>= 1.0.0)
  codeclimate-test-reporter
  fakeredis
  redis
  rollout!
  rspec
  simplecov

BUNDLED WITH
   1.16.1
